PATH
  remote: .
  specs:
    tw (0.1.0)
      eventmachine
      faye-websocket
      sinatra
      sinatra-websocket

GEM
  remote: https://rubygems.org/
  specs:
    addressable (2.8.4)
      public_suffix (>= 2.0.2, < 6.0)
    ast (2.4.2)
    byebug (11.1.3)
    daemons (1.4.1)
    em-websocket (0.3.8)
      addressable (>= 2.1.1)
      eventmachine (>= 0.12.9)
    eventmachine (1.2.7)
    faye-websocket (0.11.2)
      eventmachine (>= 0.12.0)
      websocket-driver (>= 0.5.1)
    json (2.6.3)
    mustermann (3.0.0)
      ruby2_keywords (~> 0.0.1)
    parallel (1.23.0)
    parser (3.2.2.3)
      ast (~> 2.4.1)
      racc
    public_suffix (5.0.1)
    racc (1.7.1)
    rack (2.2.7)
    rack-protection (3.0.6)
      rack
    rainbow (3.1.1)
    regexp_parser (2.8.1)
    rexml (3.2.5)
    rubocop (1.52.1)
      json (~> 2.3)
      parallel (~> 1.10)
      parser (>= 3.2.2.3)
      rainbow (>= 2.2.2, < 4.0)
      regexp_parser (>= 1.8, < 3.0)
      rexml (>= 3.2.5, < 4.0)
      rubocop-ast (>= 1.28.0, < 2.0)
      ruby-progressbar (~> 1.7)
      unicode-display_width (>= 2.4.0, < 3.0)
    rubocop-ast (1.29.0)
      parser (>= 3.2.1.0)
    ruby-progressbar (1.13.0)
    ruby2_keywords (0.0.5)
    sinatra (3.0.6)
      mustermann (~> 3.0)
      rack (~> 2.2, >= 2.2.4)
      rack-protection (= 3.0.6)
      tilt (~> 2.0)
    sinatra-websocket (0.3.1)
      em-websocket (~> 0.3.6)
      eventmachine
      thin (>= 1.3.1, < 2.0.0)
    thin (1.8.2)
      daemons (~> 1.0, >= 1.0.9)
      eventmachine (~> 1.0, >= 1.0.4)
      rack (>= 1, < 3)
    tilt (2.2.0)
    unicode-display_width (2.4.2)
    websocket-driver (0.7.5)
      websocket-extensions (>= 0.1.0)
    websocket-extensions (0.1.5)

PLATFORMS
  x86_64-linux

DEPENDENCIES
  byebug
  rubocop (~> 1.7)
  tw!

BUNDLED WITH
   2.4.10
